GEM
  remote: http://rubygems.org/
  specs:
    aasm (2.2.0)
    actionmailer (2.3.11)
      actionpack (= 2.3.11)
    actionpack (2.3.11)
      activesupport (= 2.3.11)
      rack (~> 1.1.0)
    activerecord (2.3.11)
      activesupport (= 2.3.11)
    activeresource (2.3.11)
      activesupport (= 2.3.11)
    activesupport (2.3.11)
    acts_as_tree (0.1.1)
    awesome_print (0.3.2)
    chunky_png (1.2.0)
    color (1.4.1)
    compass (0.11.1)
      chunky_png (~> 1.1)
      fssm (>= 0.2.7)
      sass (~> 3.1)
    fastercsv (1.5.4)
    fssm (0.2.7)
    haml (3.1.1)
    hoe (2.12.3)
      rake (~> 0.8)
    mysql (2.8.1)
    nokogiri (1.4.4)
    paper_trail (1.6.5)
      actionpack (~> 2.3)
      activerecord (~> 2.3)
    paperclip (2.3.11)
      activerecord (>= 2.3.0)
      activesupport (>= 2.3.2)
    pdf-writer (1.1.8)
      color (>= 1.4.0)
      transaction-simple (~> 1.3)
    rack (1.1.2)
    rails (2.3.11)
      actionmailer (= 2.3.11)
      actionpack (= 2.3.11)
      activerecord (= 2.3.11)
      activeresource (= 2.3.11)
      activesupport (= 2.3.11)
      rake (>= 0.8.3)
    rake (0.8.7)
    ruport (1.6.3)
      fastercsv
      pdf-writer (= 1.1.8)
    sass (3.1.1)
    transaction-simple (1.4.0)
      hoe (>= 1.1.7)
    will_paginate (2.3.15)

PLATFORMS
  ruby

DEPENDENCIES
  aasm (~> 2)
  acts_as_tree (= 0.1.1)
  awesome_print (= 0.3.2)
  compass (>= 0.11.1)
  fastercsv (~> 1.5.4)
  haml (= 3.1.1)
  mysql (= 2.8.1)
  nokogiri (= 1.4.4)
  paper_trail (~> 1)
  paperclip (= 2.3.11)
  rails (~> 2.3.11)
  ruport (= 1.6.3)
  will_paginate (~> 2.3.11)
